GIT
  remote: https://github.com/PrathamBooks/epub-parser.git
  revision: b0d71986b0c9737773dd51fb25583ae5919b4cd2
  specs:
    epub-parser (0.1.9)
      addressable (>= 2.3.5)
      nokogiri (~> 1.6)
      nokogumbo
      rchardet (< 1.6)
      rubyzip

GIT
  remote: https://github.com/PrathamBooks/searchkick.git
  revision: b133ffaedbc767ba43da253a4d4d9403d2fd2b30
  specs:
    searchkick (2.1.1)
      activemodel (>= 4.1)
      elasticsearch (>= 1)
      hashie

GIT
  remote: https://github.com/allure-framework/allure-cucumber.git
  revision: e756baf15aac0e988e3c614af45feb25d354a743
  branch: master
  specs:
    allure-cucumber (0.6.2)
      allure-ruby-adaptor-api (>= 0.7.2)
      cucumber (>= 2.0.0)

GIT
  remote: https://github.com/allure-framework/allure-ruby-commons.git
  revision: 46c8385f0b60ffa221cbc2cfde357237858785a2
  branch: master
  specs:
    allure-ruby-adaptor-api (0.7.2)
      mimemagic
      nokogiri (~> 1.7)
      uuid

GIT
  remote: https://github.com/dgilperez/make_flaggable.git
  revision: 2b4621fecd5d969de7944e75549915054c3c0a69
  specs:
    make_flaggable (0.0.3)
      activerecord (>= 3.2)

GIT
  remote: https://github.com/galetahub/ckeditor.git
  revision: a431c575f1e39647a19c050b60007613ece7870e
  specs:
    ckeditor (4.2.0)
      cocaine
      orm_adapter (~> 0.5.0)

GEM
  remote: http://rubygems.org/
  specs:
    CFPropertyList (2.3.0)
    actionmailer (4.1.4)
      actionpack (= 4.1.4)
      actionview (= 4.1.4)
      mail (~> 2.5.4)
    actionpack (4.1.4)
      actionview (= 4.1.4)
      activesupport (= 4.1.4)
      rack (~> 1.5.2)
      rack-test (~> 0.6.2)
    actionview (4.1.4)
      activesupport (= 4.1.4)
      builder (~> 3.1)
      erubis (~> 2.7.0)
    activejob_backport (0.0.3)
      activesupport (>= 4.0.0)
    activemodel (4.1.4)
      activesupport (= 4.1.4)
      builder (~> 3.1)
    activerecord (4.1.4)
      activemodel (= 4.1.4)
      activesupport (= 4.1.4)
      arel (~> 5.0.0)
    activesupport (4.1.4)
      i18n (~> 0.6, >= 0.6.9)
      json (~> 1.7, >= 1.7.7)
      minitest (~> 5.1)
      thread_safe (~> 0.1)
      tzinfo (~> 1.1)
    acts-as-taggable-on (3.4.3)
      activerecord (>= 3.2, < 5)
    acts_as_list (0.5.0)
      activerecord (>= 3.0)
    acts_as_votable (0.10.0)
    addressable (2.3.8)
    airborne (0.2.13)
      activesupport
      rack
      rack-test (~> 0.6, >= 0.6.2)
      rest-client (>= 1.7.3, < 3.0)
      rspec (~> 3.1)
    ancestry (2.1.0)
      activerecord (>= 3.0.0)
    annotate (2.6.5)
      activerecord (>= 2.3.0)
      rake (>= 0.8.7)
    arel (5.0.1.20140414130214)
    bcrypt (3.1.9)
    bootstrap-multiselect-rails (0.9.9)
      rails (>= 4.0.0)
    bootstrap-sass (3.3.1.0)
      sass (~> 3.2)
    builder (3.2.3)
    byebug (9.0.6)
    capybara (2.4.4)
      mime-types (>= 1.16)
      nokogiri (>= 1.3.3)
      rack (>= 1.0.0)
      rack-test (>= 0.5.4)
      xpath (~> 2.0)
    capybara-webkit (1.15.1)
      capybara (>= 2.3, < 4.0)
      json
    chartkick (1.3.2)
    childprocess (0.6.3)
      ffi (~> 1.0, >= 1.0.11)
    climate_control (0.0.3)
      activesupport (>= 3.0)
    cliver (0.3.2)
    cocaine (0.5.4)
      climate_control (>= 0.0.3, < 1.0)
    coderay (1.1.0)
    coffee-rails (4.0.1)
      coffee-script (>= 2.2.0)
      railties (>= 4.0.0, < 5.0)
    coffee-script (2.3.0)
      coffee-script-source
      execjs
    coffee-script-source (1.8.0)
    colorize (0.7.3)
    connection_pool (2.2.0)
    couchbase (1.3.13)
      connection_pool (>= 1.0.0, <= 3.0.0)
      multi_json (~> 1.0)
      yaji (~> 0.3, >= 0.3.2)
    crass (1.0.1)
    css_parser (1.3.5)
      addressable
    cucumber (2.4.0)
      builder (>= 2.1.2)
      cucumber-core (~> 1.5.0)
      cucumber-wire (~> 0.0.1)
      diff-lcs (>= 1.1.3)
      gherkin (~> 4.0)
      multi_json (>= 1.7.5, < 2.0)
      multi_test (>= 0.1.2)
    cucumber-core (1.5.0)
      gherkin (~> 4.0)
    cucumber-rails (1.4.5)
      capybara (>= 1.1.2, < 3)
      cucumber (>= 1.3.8, < 4)
      mime-types (>= 1.16, < 4)
      nokogiri (~> 1.5)
      railties (>= 3, < 5.1)
    cucumber-rails-training-wheels (1.0.0)
      cucumber-rails (>= 1.1.1)
    cucumber-wire (0.0.1)
    daemons (1.1.9)
    database_cleaner (1.5.3)
    delayed_job (4.0.4)
      activesupport (>= 3.0, < 4.2)
    delayed_job_active_record (4.0.2)
      activerecord (>= 3.0, < 4.2)
      delayed_job (>= 3.0, < 4.1)
    delayed_paperclip (2.9.0)
      paperclip (>= 3.3)
    devise (3.4.1)
      bcrypt (~> 3.0)
      orm_adapter (~> 0.1)
      railties (>= 3.2.6, < 5)
      responders
      thread_safe (~> 0.1)
      warden (~> 1.2.3)
    devise-async (0.9.0)
      devise (~> 3.2)
    diff-lcs (1.3)
    docile (1.1.5)
    domain_name (0.5.24)
      unf (>= 0.0.5, < 1.0.0)
    dotenv (2.0.1)
    dotenv-rails (2.0.1)
      dotenv (= 2.0.1)
    elasticsearch (5.0.3)
      elasticsearch-api (= 5.0.3)
      elasticsearch-transport (= 5.0.3)
    elasticsearch-api (5.0.3)
      multi_json
    elasticsearch-transport (5.0.3)
      faraday
      multi_json
    erubis (2.7.0)
    eventmachine (1.0.5)
    excon (0.43.0)
    execjs (2.2.2)
    factory_girl (4.5.0)
      activesupport (>= 3.0.0)
    factory_girl_rails (4.5.0)
      factory_girl (~> 4.5.0)
      railties (>= 3.0.0)
    faraday (0.9.1)
      multipart-post (>= 1.2, < 3)
    ffi (1.9.18)
    fission (0.5.0)
      CFPropertyList (~> 2.2)
    fog (1.27.0)
      fog-atmos
      fog-aws (~> 0.0)
      fog-brightbox (~> 0.4)
      fog-core (~> 1.27, >= 1.27.3)
      fog-ecloud
      fog-json
      fog-profitbricks
      fog-radosgw (>= 0.0.2)
      fog-sakuracloud (>= 0.0.4)
      fog-serverlove
      fog-softlayer
      fog-storm_on_demand
      fog-terremark
      fog-vmfusion
      fog-voxel
      fog-xml (~> 0.1.1)
      ipaddress (~> 0.5)
      nokogiri (~> 1.5, >= 1.5.11)
    fog-atmos (0.1.0)
      fog-core
      fog-xml
    fog-aws (0.0.8)
      fog-core (~> 1.27)
      fog-json (~> 1.0)
      fog-xml (~> 0.1)
      ipaddress (~> 0.8)
    fog-brightbox (0.7.1)
      fog-core (~> 1.22)
      fog-json
      inflecto (~> 0.0.2)
    fog-core (1.27.4)
      builder
      excon (~> 0.38)
      formatador (~> 0.2)
      mime-types
      net-scp (~> 1.1)
      net-ssh (>= 2.1.3)
    fog-ecloud (0.0.2)
      fog-core
      fog-xml
    fog-json (1.0.0)
      multi_json (~> 1.0)
    fog-profitbricks (0.0.1)
      fog-core
      fog-xml
      nokogiri
    fog-radosgw (0.0.3)
      fog-core (>= 1.21.0)
      fog-json
      fog-xml (>= 0.0.1)
    fog-sakuracloud (1.0.0)
      fog-core
      fog-json
    fog-serverlove (0.1.1)
      fog-core
      fog-json
    fog-softlayer (0.4.0)
      fog-core
      fog-json
    fog-storm_on_demand (0.1.0)
      fog-core
      fog-json
    fog-terremark (0.0.3)
      fog-core
      fog-xml
    fog-vmfusion (0.0.1)
      fission
      fog-core
    fog-voxel (0.0.2)
      fog-core
      fog-xml
    fog-xml (0.1.1)
      fog-core
      nokogiri (~> 1.5, >= 1.5.11)
    formatador (0.2.5)
    gepub (0.6.4.6)
      nokogiri (>= 1.5.0)
      rubyzip (>= 0.9.6)
    gherkin (4.1.1)
    gherkin-ruby (0.3.2)
    gibbon (1.2.1)
      httparty
      multi_json (>= 1.9.0)
    globalize (4.0.3)
      activemodel (>= 4.0.0, < 5)
      activerecord (>= 4.0.0, < 5)
    groupdate (2.4.0)
      activesupport (>= 3)
    hashie (3.4.0)
    hike (1.2.3)
    htmlentities (4.3.4)
    http-cookie (1.0.2)
      domain_name (~> 0.5)
    httparty (0.14.0)
      multi_xml (>= 0.5.2)
    i18n (0.8.6)
    imgkit (1.6.0)
    inflecto (0.0.2)
    ipaddress (0.8.0)
    jasmine (2.0.3)
      jasmine-core (~> 2.0.0)
      phantomjs
      rack (>= 1.2.1)
      rake
    jasmine-core (2.0.2)
    jbuilder (2.2.4)
      activesupport (>= 3.0.0, < 5)
      multi_json (~> 1.2)
    jquery-form-rails (1.0.1)
      jquery-rails
    jquery-rails (3.1.2)
      railties (>= 3.0, < 5.0)
      thor (>= 0.14, < 2.0)
    jquery-ui-rails (5.0.3)
      railties (>= 3.2.16)
    json (1.8.6)
    jwt (1.2.1)
    kaminari (0.16.1)
      actionpack (>= 3.0.0)
      activesupport (>= 3.0.0)
    launchy (2.4.3)
      addressable (~> 2.3)
    macaddr (1.7.1)
      systemu (~> 2.6.2)
    mail (2.5.4)
      mime-types (~> 1.16)
      treetop (~> 1.4.8)
    mailcatcher (0.6.1)
      activesupport (>= 4.0.0, < 5)
      eventmachine (~> 1.0.0, <= 1.0.5)
      mail (~> 2.3)
      sinatra (~> 1.2)
      skinny (~> 0.2.3)
      sqlite3 (~> 1.3)
      thin (~> 1.5.0)
    method_source (0.8.2)
    mime-types (1.25.1)
    mimemagic (0.3.3)
    mini_portile2 (2.4.0)
    minitest (5.10.2)
    multi_json (1.10.1)
    multi_test (0.1.2)
    multi_xml (0.5.5)
    multipart-post (2.0.0)
    nested_form (0.3.2)
    net-scp (1.2.1)
      net-ssh (>= 2.6.5)
    net-ssh (2.9.2)
    netrc (0.10.3)
    newrelic_rpm (3.9.9.275)
    nokogiri (1.9.1)
      mini_portile2 (~> 2.4.0)
    nokogumbo (1.2.0)
      nokogiri
    oauth2 (1.0.0)
      faraday (>= 0.8, < 0.10)
      jwt (~> 1.0)
      multi_json (~> 1.3)
      multi_xml (~> 0.5)
      rack (~> 1.2)
    omniauth (1.2.2)
      hashie (>= 1.2, < 4)
      rack (~> 1.0)
    omniauth-facebook (2.0.0)
      omniauth-oauth2 (~> 1.2)
    omniauth-google-oauth2 (0.2.6)
      omniauth (> 1.0)
      omniauth-oauth2 (~> 1.1)
    omniauth-oauth2 (1.2.0)
      faraday (>= 0.8, < 0.10)
      multi_json (~> 1.3)
      oauth2 (~> 1.0)
      omniauth (~> 1.2)
    opds (0.4.1)
      nokogiri
    orm_adapter (0.5.0)
    paperclip (4.2.0)
      activemodel (>= 3.0.0)
      activesupport (>= 3.0.0)
      cocaine (~> 0.5.3)
      mime-types
    paperclip-meta (1.1.0)
      paperclip (>= 3.0.2, < 5.0)
    pg (0.17.1)
    phantomjs (2.1.1.0)
    poltergeist (1.14.0)
      capybara (~> 2.1)
      cliver (~> 0.3.1)
      websocket-driver (>= 0.2.0)
    polyglot (0.3.5)
    pry (0.10.1)
      coderay (~> 1.1.0)
      method_source (~> 0.8.1)
      slop (~> 3.4)
    pry-byebug (3.4.3)
      byebug (>= 9.0, < 9.1)
      pry (~> 0.10)
    puma (2.9.2)
      rack (>= 1.1, < 2.0)
    pundit (0.3.0)
      activesupport (>= 3.0.0)
    rack (1.5.5)
    rack-cors (1.0.1)
    rack-protection (1.5.3)
      rack
    rack-test (0.6.3)
      rack (>= 1.0)
    rails (4.1.4)
      actionmailer (= 4.1.4)
      actionpack (= 4.1.4)
      actionview (= 4.1.4)
      activemodel (= 4.1.4)
      activerecord (= 4.1.4)
      activesupport (= 4.1.4)
      bundler (>= 1.3.0, < 2.0)
      railties (= 4.1.4)
      sprockets-rails (~> 2.0)
    rails4-autocomplete (1.1.1)
      rails (>= 3.0)
    rails_config (0.5.0.beta1)
      activesupport (>= 3.0)
    rails_layout (1.0.23)
    railties (4.1.4)
      actionpack (= 4.1.4)
      activesupport (= 4.1.4)
      rake (>= 0.8.7)
      thor (>= 0.18.1, < 2.0)
    rake (12.0.0)
    rchardet (1.5.0)
    rdoc (4.1.2)
      json (~> 1.4)
    remotipart (1.2.1)
    responders (1.1.2)
      railties (>= 3.2, < 4.2)
    rest-client (1.8.0)
      http-cookie (>= 1.0.2, < 2.0)
      mime-types (>= 1.16, < 3.0)
      netrc (~> 0.7)
    rmagick (2.13.4)
    rspec (3.6.0)
      rspec-core (~> 3.6.0)
      rspec-expectations (~> 3.6.0)
      rspec-mocks (~> 3.6.0)
    rspec-core (3.6.0)
      rspec-support (~> 3.6.0)
    rspec-expectations (3.6.0)
      diff-lcs (>= 1.2.0, < 2.0)
      rspec-support (~> 3.6.0)
    rspec-mocks (3.6.0)
      diff-lcs (>= 1.2.0, < 2.0)
      rspec-support (~> 3.6.0)
    rspec-rails (3.6.0)
      actionpack (>= 3.0)
      activesupport (>= 3.0)
      railties (>= 3.0)
      rspec-core (~> 3.6.0)
      rspec-expectations (~> 3.6.0)
      rspec-mocks (~> 3.6.0)
      rspec-support (~> 3.6.0)
    rspec-support (3.6.0)
    rubyzip (1.1.7)
    sanitize (3.1.1)
      crass (~> 1.0.1)
      nokogiri (>= 1.4.4)
      nokogumbo (= 1.2.0)
    sass (3.2.19)
    sass-rails (4.0.4)
      railties (>= 4.0.0, < 5.0)
      sass (~> 3.2.2)
      sprockets (~> 2.8, < 2.12)
      sprockets-rails (~> 2.0)
    sdoc (0.4.1)
      json (~> 1.7, >= 1.7.7)
      rdoc (~> 4.0)
    seedbank (0.3.0)
    selenium-webdriver (3.3.0)
      childprocess (~> 0.5)
      rubyzip (~> 1.0)
      websocket (~> 1.0)
    shoulda-matchers (2.7.0)
      activesupport (>= 3.0.0)
    simple_form (3.0.2)
      actionpack (~> 4.0)
      activemodel (~> 4.0)
    simplecov (0.9.1)
      docile (~> 1.1.0)
      multi_json (~> 1.0)
      simplecov-html (~> 0.8.0)
    simplecov-html (0.8.0)
    sinatra (1.4.5)
      rack (~> 1.4)
      rack-protection (~> 1.4)
      tilt (~> 1.3, >= 1.3.4)
    skinny (0.2.3)
      eventmachine (~> 1.0.0)
      thin (~> 1.5.0)
    slop (3.6.0)
    social-share-button (0.3.4)
      coffee-rails
      sass-rails
    spinach (0.8.10)
      colorize
      gherkin-ruby (>= 0.3.2)
      json
    spinach-rails (0.2.1)
      capybara (>= 2.0.0)
      railties (>= 3)
      spinach (>= 0.4)
    spring (1.1.3)
    sprockets (2.11.3)
      hike (~> 1.2)
      multi_json (~> 1.0)
      rack (~> 1.0)
      tilt (~> 1.1, != 1.3.0)
    sprockets-rails (2.2.0)
      actionpack (>= 3.0)
      activesupport (>= 3.0)
      sprockets (>= 2.8, < 4.0)
    sqlite3 (1.3.10)
    swagger-docs (0.2.9)
      activesupport (>= 3)
      rails (>= 3)
    systemu (2.6.5)
    thin (1.5.1)
      daemons (>= 1.0.9)
      eventmachine (>= 0.12.6)
      rack (>= 1.0.0)
    thor (0.19.4)
    thread_safe (0.3.6)
    tilt (1.4.1)
    timecop (0.7.1)
    transactional_capybara (0.2.0)
      capybara
    treetop (1.4.15)
      polyglot
      polyglot (>= 0.3.1)
    twitter-bootstrap-rails-confirm (1.0.4)
    tzinfo (1.2.3)
      thread_safe (~> 0.1)
    uglifier (2.5.3)
      execjs (>= 0.3.0)
      json (>= 1.8.0)
    unf (0.1.4)
      unf_ext
    unf_ext (0.0.7.1)
    unicode_utils (1.4.0)
    uuid (2.3.9)
      macaddr (~> 1.0)
    warden (1.2.3)
      rack (>= 1.0)
    websocket (1.2.4)
    websocket-driver (0.6.5)
      websocket-extensions (>= 0.1.0)
    websocket-extensions (0.1.2)
    wicked_pdf (0.11.0)
      rails
    xpath (2.0.0)
      nokogiri (~> 1.3)
    yaji (0.3.5)
    zip-zip (0.3)
      rubyzip (>= 1.0.0)

PLATFORMS
  ruby

DEPENDENCIES
  activejob_backport
  acts-as-taggable-on (~> 3.4)
  acts_as_list
  acts_as_votable
  airborne
  allure-cucumber!
  allure-ruby-adaptor-api!
  ancestry
  annotate (~> 2.6.5)
  bootstrap-multiselect-rails
  bootstrap-sass
  capybara
  capybara-webkit
  chartkick
  ckeditor!
  coffee-rails (~> 4.0.0)
  couchbase
  css_parser
  cucumber
  cucumber-rails
  cucumber-rails-training-wheels
  daemons
  database_cleaner
  delayed_job_active_record
  delayed_paperclip
  devise
  devise-async
  dotenv-rails
  epub-parser!
  factory_girl_rails
  fog
  gepub
  gibbon
  globalize (~> 4.0.3)
  groupdate
  htmlentities
  imgkit
  jasmine
  jbuilder (~> 2.0)
  jquery-form-rails
  jquery-rails
  jquery-ui-rails
  kaminari
  launchy
  mailcatcher
  make_flaggable!
  nested_form
  newrelic_rpm
  nokogiri (~> 1.7)
  omniauth-facebook
  omniauth-google-oauth2
  opds
  paperclip (~> 4.2)
  paperclip-meta
  pg
  phantomjs (~> 2.1.1)
  poltergeist
  pry-byebug
  puma
  pundit
  rack-cors
  rails (= 4.1.4)
  rails4-autocomplete
  rails_config (= 0.5.0.beta1)
  rails_layout
  remotipart
  rest-client
  rmagick
  rspec-rails
  rubyzip (>= 1.0.0)
  sanitize
  sass-rails (~> 4.0.3)
  sdoc (~> 0.4.0)
  searchkick!
  seedbank
  selenium-webdriver
  shoulda-matchers
  simple_form
  simplecov
  social-share-button (~> 0.3.1)
  spinach-rails
  spring
  sqlite3
  swagger-docs
  timecop
  transactional_capybara
  twitter-bootstrap-rails-confirm
  uglifier (>= 1.3.0)
  unicode_utils
  wicked_pdf
  zip-zip

BUNDLED WITH
   1.16.6
